{
    "TaskName": "imagery",
    "Manufacturer": "g.tec medical engineering GmbH",
    "PowerLineFrequency": 50.0,
    "SamplingFrequency": 512.0,
    "SoftwareFilters": "n/a",
    "RecordingDuration": 324.998046875,
    "RecordingType": "continuous",
    "EEGReference": "right mastoid",
    "EEGGround": "AFz",
    "EEGPlacementScheme": "10-05 system",
    "EEGChannelCount": 61,
    "EOGChannelCount": 0,
    "ECGChannelCount": 0,
    "EMGChannelCount": 0,
    "TriggerChannelCount": 0,
    "ManufacturersModelName": "g.tec medical engineering GmbH",
    "SoftwareVersions": "n/a",
    "HardwareFilters": {
        "HardwareFilter": {
            "Description": "0.01-200 Hz bandpass (8th order Chebyshev), 50 Hz notch"
        }
    },
    "TaskDescription": "Trial-based paradigm with sustained movements/motor imagery. Each trial: fixation cross at 0s, cue presentation at 2s, sustained movement/MI execution. Subjects performed both movement execution (ME) and motor imagery (MI) in separate sessions.",
    "Instructions": "Subjects were instructed to execute sustained movements in ME session and perform kinesthetic motor imagery in MI session. For rest class, subjects were instructed to avoid any movement and to stay in the starting position.",
    "CogAtlasID": "https://www.cognitiveatlas.org/task/id/trm_4c8a834779883/",
    "InstitutionName": "Graz University of Technology",
    "InstitutionAddress": "AT",
    "InstitutionalDepartmentName": "Institute of Neural Engineering, BCI-Lab",
    "CapManufacturer": "n/a",
    "CapManufacturersModelName": "n/a",
    "SubjectArtefactDescription": "n/a",
    "DeviceSerialNumber": "n/a",
    "Description": "EEG recording.",
    "MISCChannelCount": 0
}